GIT
  remote: https://github.com/octopress/hooks.git
  revision: ac460266254ed23e7d656767ec346eea63b29788
  specs:
    octopress-hooks (2.6.2)
      jekyll (>= 2.0)

GEM
  remote: https://rubygems.org/
  specs:
    RbST (0.5.1)
    addressable (2.7.0)
      public_suffix (>= 2.0.2, < 5.0)
    colorator (1.1.0)
    ffi (1.12.2)
    forwardable-extended (2.6.0)
    jekyll (3.6.3)
      addressable (~> 2.4)
      colorator (~> 1.0)
      jekyll-sass-converter (~> 1.0)
      jekyll-watch (~> 1.1)
      kramdown (~> 1.14)
      liquid (~> 4.0)
      mercenary (~> 0.3.3)
      pathutil (~> 0.9)
      rouge (>= 1.7, < 3)
      safe_yaml (~> 1.0)
    jekyll-sass-converter (1.5.2)
      sass (~> 3.4)
    jekyll-watch (1.5.1)
      listen (~> 3.0)
    kramdown (1.17.0)
    liquid (4.0.3)
    listen (3.2.1)
      rb-fsevent (~> 0.10, >= 0.10.3)
      rb-inotify (~> 0.9, >= 0.9.10)
    mercenary (0.3.6)
    octopress (3.0.12.pre.1)
      jekyll (>= 2.0)
      mercenary (~> 0.3.2)
      octopress-deploy
      octopress-escape-code (~> 2.0)
      octopress-hooks (~> 2.0)
      redcarpet (~> 3.0)
      titlecase
    octopress-code-highlighter (4.3.0)
      jekyll (~> 3.0)
    octopress-codeblock (1.0.5)
      octopress-code-highlighter (~> 4.2)
    octopress-deploy (1.3.0)
      colorator
    octopress-escape-code (2.1.1)
      jekyll (~> 3.0)
    octopress-image-tag (1.1.0)
      jekyll
    octopress-paginate (1.2.0)
      octopress-hooks
    octopress-quote-tag (1.0.4)
      jekyll
      rubypants
    octopress-render-code (1.0.4)
      octopress-code-highlighter (~> 4.2)
    octopress-social (1.4.5)
      jekyll (>= 2.0)
    pathutil (0.16.2)
      forwardable-extended (~> 2.6)
    public_suffix (4.0.4)
    rb-fsevent (0.10.4)
    rb-inotify (0.10.1)
      ffi (~> 1.0)
    redcarpet (3.3.4)
    rouge (2.2.1)
    rubypants (0.2.0)
    safe_yaml (1.0.5)
    sass (3.7.4)
      sass-listen (~> 4.0.0)
    sass-listen (4.0.0)
      rb-fsevent (~> 0.9, >= 0.9.4)
      rb-inotify (~> 0.9, >= 0.9.7)
    titlecase (0.1.1)

PLATFORMS
  ruby

DEPENDENCIES
  RbST
  jekyll (= 3.6.3)
  octopress (>= 3.0.12.pre.1)
  octopress-codeblock
  octopress-hooks!
  octopress-image-tag
  octopress-paginate
  octopress-quote-tag
  octopress-render-code
  octopress-social

BUNDLED WITH
   1.16.1
